PATH
  remote: .
  specs:
    mail_provider (0.1.0)
      faraday
      fast_trie
      public_suffix
      simpleidn

GEM
  remote: https://rubygems.org/
  specs:
    coderay (1.1.2)
    diff-lcs (1.3)
    faraday (1.0.0)
      multipart-post (>= 1.2, < 3)
    fast_trie (0.5.1)
    method_source (1.0.0)
    multipart-post (2.1.1)
    pry (0.13.0)
      coderay (~> 1.1)
      method_source (~> 1.0)
    public_suffix (4.0.3)
    rake (13.0.1)
    rspec (3.9.0)
      rspec-core (~> 3.9.0)
      rspec-expectations (~> 3.9.0)
      rspec-mocks (~> 3.9.0)
    rspec-core (3.9.1)
      rspec-support (~> 3.9.1)
    rspec-expectations (3.9.0)
      diff-lcs (>= 1.2.0, < 2.0)
      rspec-support (~> 3.9.0)
    rspec-mocks (3.9.1)
      diff-lcs (>= 1.2.0, < 2.0)
      rspec-support (~> 3.9.0)
    rspec-support (3.9.2)
    simpleidn (0.1.1)
      unf (~> 0.1.4)
    unf (0.1.4)
      unf_ext
    unf_ext (0.0.7.6)

PLATFORMS
  ruby

DEPENDENCIES
  bundler (~> 1.17)
  mail_provider!
  pry
  rake (~> 13.0)
  rspec (~> 3.0)

BUNDLED WITH
   1.17.2
